GIT
  remote: git@github.com:cul/blacklight_oai_provider.git
  revision: 682c27f317c84b08979d412275199f8f2d5fbbec
  specs:
    blacklight_oai_provider (0.2.4)
      blacklight (>= 4.2.2)
      rails (>= 3.2.13)

GIT
  remote: git@github.com:cul/oai-new-valid.git
  revision: 3452931030a87804759cb09e58184a6a23fb9675
  specs:
    oai (0.2.5)
      builder (>= 2.0.0)
      faraday
      faraday_middleware

GIT
  remote: git@github.com:cul/rsolr.git
  revision: eed3b70de2b910cff03f37097895607f09a26229
  specs:
    rsolr (1.0.8)
      builder (>= 2.1.2)

GEM
  remote: https://rubygems.org/
  specs:
    actionmailer (3.2.13)
      actionpack (= 3.2.13)
      mail (~> 2.5.3)
    actionpack (3.2.13)
      activemodel (= 3.2.13)
      activesupport (= 3.2.13)
      builder (~> 3.0.0)
      erubis (~> 2.7.0)
      journey (~> 1.0.4)
      rack (~> 1.4.5)
      rack-cache (~> 1.2)
      rack-test (~> 0.6.1)
      sprockets (~> 2.2.1)
    activemodel (3.2.13)
      activesupport (= 3.2.13)
      builder (~> 3.0.0)
    activerecord (3.2.13)
      activemodel (= 3.2.13)
      activesupport (= 3.2.13)
      arel (~> 3.0.2)
      tzinfo (~> 0.3.29)
    activeresource (3.2.13)
      activemodel (= 3.2.13)
      activesupport (= 3.2.13)
    activesupport (3.2.13)
      i18n (= 0.6.1)
      multi_json (~> 1.0)
    addressable (2.4.0)
    arel (3.0.3)
    authlogic (3.4.6)
      activerecord (>= 3.2)
      activesupport (>= 3.2)
      request_store (~> 1.0)
      scrypt (>= 1.2, < 3.0)
    authlogic_wind (0.4.0)
      authlogic
    blacklight (4.7.0)
      bootstrap-sass (>= 2.2.0, < 2.4)
      deprecation (~> 0.1)
      kaminari (~> 0.13)
      marc (>= 0.4.3, < 1.1)
      nokogiri (~> 1.6)
      rails (>= 3.2.6, < 5)
      rsolr (~> 1.0.6)
      sass-rails
    blacklight_advanced_search (2.2.0)
      blacklight (~> 4.0)
      parslet
    blankslate (3.1.3)
    bootstrap-sass (2.3.2.2)
      sass (~> 3.2)
    builder (3.0.4)
    capistrano (3.4.0)
      i18n
      rake (>= 10.0.0)
      sshkit (~> 1.3)
    capistrano-bundler (1.1.4)
      capistrano (~> 3.1)
      sshkit (~> 1.2)
    capistrano-passenger (0.2.0)
      capistrano (~> 3.0)
    capistrano-rails (1.1.7)
      capistrano (~> 3.1)
      capistrano-bundler (~> 1.1)
    capistrano-rvm (0.1.2)
      capistrano (~> 3.0)
      sshkit (~> 1.2)
    capybara (2.8.1)
      addressable
      mime-types (>= 1.16)
      nokogiri (>= 1.3.3)
      rack (>= 1.0.0)
      rack-test (>= 0.5.4)
      xpath (~> 2.0)
    childprocess (0.5.9)
      ffi (~> 1.0, >= 1.0.11)
    chunky_png (1.3.6)
    cliver (0.3.2)
    coffee-rails (3.2.2)
      coffee-script (>= 2.2.0)
      railties (~> 3.2.0)
    coffee-script (2.4.1)
      coffee-script-source
      execjs
    coffee-script-source (1.10.0)
    compass (1.0.3)
      chunky_png (~> 1.2)
      compass-core (~> 1.0.2)
      compass-import-once (~> 1.0.5)
      rb-fsevent (>= 0.9.3)
      rb-inotify (>= 0.9)
      sass (>= 3.3.13, < 3.5)
    compass-core (1.0.3)
      multi_json (~> 1.0)
      sass (>= 3.3.0, < 3.5)
    compass-import-once (1.0.5)
      sass (>= 3.2, < 3.5)
    cul-fedora (1.0.3)
      activesupport
      httpclient
      nokogiri
      rsolr (>= 0.12.1)
      rsolr-ext (>= 0.12.1)
    deprecation (0.2.2)
      activesupport
    diff-lcs (1.2.5)
    dotenv (2.0.1)
    dotenv-rails (2.0.1)
      dotenv (= 2.0.1)
    erubis (2.7.0)
    execjs (2.7.0)
    fancybox2-rails (0.2.8)
      railties (>= 3.1.0, < 5.0)
    faraday (0.9.2)
      multipart-post (>= 1.2, < 3)
    faraday_middleware (0.10.0)
      faraday (>= 0.7.4, < 0.10)
    ffi (1.9.14)
    ffi-compiler (1.0.1)
      ffi (>= 1.0.0)
      rake
    font-awesome-rails (4.6.3.1)
      railties (>= 3.2, < 5.1)
    garb (0.9.8)
      activesupport (>= 2.2)
      multi_json (>= 1.3)
    googlecharts (1.6.12)
    haml (4.0.7)
      tilt
    hike (1.2.3)
    httpclient (2.8.0)
    i18n (0.6.1)
    jettywrapper (2.0.3)
      activesupport (>= 3.0.0)
      childprocess
      i18n
      logger
      rubyzip
    journey (1.0.4)
    jquery-rails (2.0.3)
      railties (>= 3.1.0, < 5.0)
      thor (~> 0.14)
    json (1.8.3)
    kaminari (0.13.0)
      actionpack (>= 3.0.0)
      activesupport (>= 3.0.0)
      railties (>= 3.0.0)
    logger (1.2.8)
    mail (2.5.4)
      mime-types (~> 1.16)
      treetop (~> 1.4.8)
    mail_form (1.5.1)
      actionmailer (>= 3.2, < 5)
      activemodel (>= 3.2, < 5)
    marc (1.0.0)
      scrub_rb (>= 1.0.1, < 2)
      unf
    mime-types (1.25.1)
    mini_portile (0.5.3)
    multi_json (1.12.1)
    multipart-post (2.0.0)
    mysql (2.9.1)
    net-ldap (0.3.1)
    net-scp (1.2.1)
      net-ssh (>= 2.6.5)
    net-ssh (2.9.4)
    nokogiri (1.6.0)
      mini_portile (~> 0.5.0)
    parslet (1.7.1)
      blankslate (>= 2.0, <= 4.0)
    poltergeist (1.10.0)
      capybara (~> 2.1)
      cliver (~> 0.3.1)
      websocket-driver (>= 0.2.0)
    polyglot (0.3.5)
    rack (1.4.5)
    rack-cache (1.6.1)
      rack (>= 0.4)
    rack-ssl (1.3.4)
      rack
    rack-test (0.6.3)
      rack (>= 1.0)
    rails (3.2.13)
      actionmailer (= 3.2.13)
      actionpack (= 3.2.13)
      activerecord (= 3.2.13)
      activeresource (= 3.2.13)
      activesupport (= 3.2.13)
      bundler (~> 1.0)
      railties (= 3.2.13)
    railties (3.2.13)
      actionpack (= 3.2.13)
      activesupport (= 3.2.13)
      rack-ssl (~> 1.3.2)
      rake (>= 0.8.7)
      rdoc (~> 3.4)
      thor (>= 0.14.6, < 2.0)
    rake (10.0.4)
    rb-fsevent (0.9.7)
    rb-inotify (0.9.7)
      ffi (>= 0.5.0)
    rdoc (3.12.2)
      json (~> 1.4)
    request_store (1.3.1)
    rinku (1.3.1)
    rsolr-ext (1.0.3)
      rsolr (>= 1.0.2)
    rspec-core (3.5.1)
      rspec-support (~> 3.5.0)
    rspec-expectations (3.5.0)
      diff-lcs (>= 1.2.0, < 2.0)
      rspec-support (~> 3.5.0)
    rspec-mocks (3.5.0)
      diff-lcs (>= 1.2.0, < 2.0)
      rspec-support (~> 3.5.0)
    rspec-rails (3.5.1)
      actionpack (>= 3.0)
      activesupport (>= 3.0)
      railties (>= 3.0)
      rspec-core (~> 3.5.0)
      rspec-expectations (~> 3.5.0)
      rspec-mocks (~> 3.5.0)
      rspec-support (~> 3.5.0)
    rspec-support (3.5.0)
    rubyzip (1.2.0)
    sass (3.4.22)
    sass-rails (3.2.6)
      railties (~> 3.2.0)
      sass (>= 3.1.10)
      tilt (~> 1.3)
    scrub_rb (1.0.1)
    scrypt (2.1.1)
      ffi-compiler (>= 0.0.2)
      rake
    sprockets (2.2.3)
      hike (~> 1.2)
      multi_json (~> 1.0)
      rack (~> 1.0)
      tilt (~> 1.1, != 1.3.0)
    sqlite3 (1.3.11)
    sqlite3-ruby (1.3.3)
      sqlite3 (>= 1.3.3)
    sshkit (1.11.1)
      net-scp (>= 1.1.2)
      net-ssh (>= 2.8.0)
    thor (0.19.1)
    tilt (1.4.1)
    treetop (1.4.15)
      polyglot
      polyglot (>= 0.3.1)
    tzinfo (0.3.51)
    uglifier (3.0.0)
      execjs (>= 0.3.0, < 3)
    unf (0.1.4)
      unf_ext
    unf_ext (0.0.7.2)
    unicode (0.4.4.2)
    websocket-driver (0.6.4)
      websocket-extensions (>= 0.1.0)
    websocket-extensions (0.1.2)
    xpath (2.0.0)
      nokogiri (~> 1.3)

PLATFORMS
  ruby

DEPENDENCIES
  actionpack (= 3.2.13)
  authlogic
  authlogic_wind
  blacklight (~> 4.0)
  blacklight_advanced_search
  blacklight_oai_provider (>= 0.2.4)!
  bootstrap-sass
  capistrano (= 3.4)
  capistrano-bundler (~> 1.1)
  capistrano-passenger (~> 0.1)
  capistrano-rails (~> 1.1)
  capistrano-rvm (~> 0.1)
  capybara (~> 2.2)
  coffee-rails (~> 3.2.2)
  compass
  cul-fedora (~> 1.0.3)
  dotenv-rails
  fancybox2-rails
  font-awesome-rails
  garb
  googlecharts
  haml (>= 4.0.7)
  httpclient (~> 2.6)
  jettywrapper (>= 1.4.0)
  jquery-rails (= 2.0.3)
  json
  kaminari (= 0.13.0)
  mail_form
  multipart-post (~> 2.0.0)
  mysql (>= 2.8.1)
  net-ldap (= 0.3.1)
  net-ssh (= 2.9.4)
  nokogiri (= 1.6.0)
  oai (>= 0.2.5)!
  poltergeist
  rack (= 1.4.5)
  rails (= 3.2.13)
  railties (= 3.2.13)
  rake (~> 10.0.0)
  rinku (~> 1.3.0)
  rsolr!
  rspec-rails (~> 3.1)
  sass-rails (~> 3.2.4)
  sqlite3 (>= 1.3.5)
  sqlite3-ruby
  uglifier
  unicode

BUNDLED WITH
   1.13.1
